PATH
  remote: .
  specs:
    aws_cli_config_parser (0.1.0)

GEM
  remote: https://rubygems.org/
  specs:
    minitest (5.14.4)
    rake (13.0.3)

PLATFORMS
  x86_64-linux-musl

DEPENDENCIES
  aws_cli_config_parser!
  minitest (~> 5.0)
  rake (~> 13.0)

BUNDLED WITH
   2.2.16
